PATH
  remote: .
  specs:
    welcu (0.1.4)
      multi_json
      rest-client

GEM
  remote: https://rubygems.org/
  specs:
    mime-types (1.23)
    multi_json (1.7.4)
    rest-client (1.6.7)
      mime-types (>= 1.16)

PLATFORMS
  ruby

DEPENDENCIES
  welcu!
